GEM
  remote: https://rubygems.org/
  specs:
    bigdecimal (3.2.1)
    csv (3.3.4)
    docker-api (2.4.0)
      excon (>= 0.64.0)
      multi_json
    dotenv (3.1.8)
    excon (1.2.7)
      logger
    faraday (2.13.1)
      faraday-net_http (>= 2.0, < 3.5)
      json
      logger
    faraday-net_http (3.4.0)
      net-http (>= 0.5.0)
    httparty (0.23.1)
      csv
      mini_mime (>= 1.0.0)
      multi_xml (>= 0.5.2)
    json (2.12.2)
    logger (1.7.0)
    mini_mime (1.1.5)
    minitest (5.25.5)
    multi_json (1.15.0)
    multi_xml (0.7.2)
      bigdecimal (~> 3.1)
    net-http (0.6.0)
      uri
    ostruct (0.6.1)
    rake (13.3.0)
    rb_sys (0.9.106)
    tiktoken_ruby (0.0.11.1)
      rb_sys (= 0.9.106)
    tiktoken_ruby (0.0.11.1-arm64-darwin)
    tokenizers (0.5.5)
      rb_sys
    tokenizers (0.5.5-arm64-darwin)
    uri (1.0.3)

PLATFORMS
  arm64-darwin-24
  ruby

DEPENDENCIES
  bundler
  docker-api
  dotenv
  faraday
  httparty
  minitest
  ostruct
  rake
  tiktoken_ruby
  tokenizers

BUNDLED WITH
   2.6.3
