GEM
  remote: https://rubygems.org/
  specs:
    bigdecimal (3.2.1)
    csv (3.3.4)
    dotenv (3.1.8)
    httparty (0.23.1)
      csv
      mini_mime (>= 1.0.0)
      multi_xml (>= 0.5.2)
    mini_mime (1.1.5)
    multi_xml (0.7.2)
      bigdecimal (~> 3.1)
    ostruct (0.6.1)
    rake (13.3.0)
    rb_sys (0.9.106)
    tiktoken_ruby (0.0.11.1)
      rb_sys (= 0.9.106)
    tiktoken_ruby (0.0.11.1-arm64-darwin)

PLATFORMS
  arm64-darwin-24
  ruby

DEPENDENCIES
  bundler
  dotenv
  httparty
  ostruct
  rake
  tiktoken_ruby

BUNDLED WITH
   2.6.3
